GEM
  remote: http://rubygems.org/
  specs:
    addressable (2.4.0)
    bibtex-ruby (2.0.12)
      latex-decode (>= 0.0.6)
      multi_json (~> 1.3)
    builder (3.2.2)
    colored (1.2)
    cri (2.7.0)
      colored (~> 1.2)
    descendants_tracker (0.0.4)
      thread_safe (~> 0.3, >= 0.3.1)
    faraday (0.9.2)
      multipart-post (>= 1.2, < 3)
    git (1.2.9.1)
    github_api (0.13.1)
      addressable (~> 2.4.0)
      descendants_tracker (~> 0.0.4)
      faraday (~> 0.8, < 0.10)
      hashie (>= 3.4)
      multi_json (>= 1.7.5, < 2.0)
      oauth2
    hashie (3.4.3)
    highline (1.7.8)
    jeweler (2.0.1)
      builder
      bundler (>= 1.0)
      git (>= 1.2.5)
      github_api
      highline (>= 1.6.15)
      nokogiri (>= 1.5.10)
      rake
      rdoc
    json (1.8.3)
    jwt (1.5.2)
    latex-decode (0.0.12)
      unicode (~> 0.4)
    mini_portile2 (2.0.0)
    multi_json (1.11.2)
    multi_xml (0.5.5)
    multipart-post (2.0.0)
    nanoc (4.0.2)
      cri (~> 2.3)
    nokogiri (1.6.7.1)
      mini_portile2 (~> 2.0.0.rc2)
    oauth2 (1.0.0)
      faraday (>= 0.8, < 0.10)
      jwt (~> 1.0)
      multi_json (~> 1.3)
      multi_xml (~> 0.5)
      rack (~> 1.2)
    rack (1.6.4)
    rake (10.4.2)
    rdoc (4.2.1)
      json (~> 1.4)
    thread_safe (0.3.5)
    unicode (0.4.4.2)

PLATFORMS
  ruby

DEPENDENCIES
  bibtex-ruby (~> 2.0)
  bundler (~> 1.0)
  jeweler (~> 2.0)
  latex-decode (~> 0.0.12)
  nanoc (~> 4.0)

BUNDLED WITH
   1.11.2
